PATH
  remote: .
  specs:
    active_capture (1.0.0)

GEM
  remote: https://rubygems.org/
  specs:
    minitest (5.25.5)
    rake (13.2.1)

PLATFORMS
  ruby
  x86_64-linux

DEPENDENCIES
  active_capture!
  minitest (~> 5.0)
  rake (~> 13.0)

BUNDLED WITH
   2.6.2
